STORAGE: NONE
RESTRICTION: == net6.0
NUGET
  remote: https://api.nuget.org/v3/index.json
    FSharp.Core (6.0.4)
    FSharp.Data (4.2.8)
      FSharp.Core (>= 4.7.2)
    Markdig.Signed (0.30.2)
    Microsoft.ApplicationInsights (2.20)
      System.Diagnostics.DiagnosticSource (>= 5.0)
    Microsoft.Bcl.AsyncInterfaces (6.0)
    Microsoft.CodeAnalysis.Analyzers (3.3.3)
    Microsoft.CodeAnalysis.Common (4.2)
      Microsoft.CodeAnalysis.Analyzers (>= 3.3.3)
      System.Collections.Immutable (>= 5.0)
      System.Memory (>= 4.5.4)
      System.Reflection.Metadata (>= 5.0)
      System.Runtime.CompilerServices.Unsafe (>= 6.0)
      System.Text.Encoding.CodePages (>= 6.0)
      System.Threading.Tasks.Extensions (>= 4.5.4)
    Microsoft.CodeAnalysis.CSharp (4.2)
      Microsoft.CodeAnalysis.Common (4.2)
    Microsoft.CSharp (4.7)
    Microsoft.Extensions.ObjectPool (6.0.5)
    Microsoft.Management.Infrastructure (2.0)
      Microsoft.Management.Infrastructure.Runtime.Unix (>= 2.0)
      Microsoft.Management.Infrastructure.Runtime.Win (>= 2.0)
    Microsoft.Management.Infrastructure.CimCmdlets (7.2.4)
      System.Management.Automation (>= 7.2.4)
    Microsoft.Management.Infrastructure.Runtime.Unix (2.0)
    Microsoft.Management.Infrastructure.Runtime.Win (2.0)
    Microsoft.NETCore.Windows.ApiSets (1.0.1)
    Microsoft.PowerShell.Commands.Diagnostics (7.2.4)
      System.Management.Automation (>= 7.2.4)
    Microsoft.PowerShell.Commands.Management (7.2.4)
      Microsoft.PowerShell.Security (>= 7.2.4)
      System.ServiceProcess.ServiceController (>= 6.0)
    Microsoft.PowerShell.Commands.Utility (7.2.4)
      Microsoft.CodeAnalysis.CSharp (>= 4.0.1)
      Microsoft.PowerShell.MarkdownRender (>= 7.2)
      NJsonSchema (>= 10.5.2)
      System.Drawing.Common (>= 6.0)
      System.Management.Automation (>= 7.2.4)
      System.Threading.AccessControl (>= 6.0)
    Microsoft.PowerShell.ConsoleHost (7.2.4)
      System.Management.Automation (>= 7.2.4)
    Microsoft.PowerShell.CoreCLR.Eventing (7.2.4)
      System.Diagnostics.EventLog (>= 6.0)
    Microsoft.PowerShell.MarkdownRender (7.2)
      Markdig.Signed (>= 0.22)
    Microsoft.PowerShell.Native (7.2)
    Microsoft.PowerShell.SDK (7.2.4)
      Microsoft.Management.Infrastructure.CimCmdlets (>= 7.2.4)
      Microsoft.NETCore.Windows.ApiSets (>= 1.0.1)
      Microsoft.PowerShell.Commands.Diagnostics (>= 7.2.4)
      Microsoft.PowerShell.Commands.Management (>= 7.2.4)
      Microsoft.PowerShell.Commands.Utility (>= 7.2.4)
      Microsoft.PowerShell.ConsoleHost (>= 7.2.4)
      Microsoft.PowerShell.Security (>= 7.2.4)
      Microsoft.Windows.Compatibility (>= 6.0)
      Microsoft.WSMan.Management (>= 7.2.4)
      System.Data.SqlClient (>= 4.8.3)
      System.IO.Packaging (>= 6.0)
      System.Management.Automation (>= 7.2.4)
      System.Net.Http.WinHttpHandler (>= 6.0.1)
      System.Private.ServiceModel (>= 4.9)
      System.ServiceModel.Duplex (>= 4.9)
      System.ServiceModel.Http (>= 4.9)
      System.ServiceModel.NetTcp (>= 4.9)
      System.ServiceModel.Primitives (>= 4.9)
      System.ServiceModel.Security (>= 4.9)
      System.Text.Encodings.Web (>= 6.0)
    Microsoft.PowerShell.Security (7.2.4)
      System.Management.Automation (>= 7.2.4)
    Microsoft.Win32.Registry (5.0)
      System.Security.AccessControl (>= 5.0)
      System.Security.Principal.Windows (>= 5.0)
    Microsoft.Win32.Registry.AccessControl (6.0)
      System.Security.AccessControl (>= 6.0)
    Microsoft.Win32.SystemEvents (6.0.1)
    Microsoft.Windows.Compatibility (6.0)
      Microsoft.Win32.Registry.AccessControl (>= 6.0)
      Microsoft.Win32.SystemEvents (>= 6.0)
      System.CodeDom (>= 6.0)
      System.ComponentModel.Composition (>= 6.0)
      System.ComponentModel.Composition.Registration (>= 6.0)
      System.Configuration.ConfigurationManager (>= 6.0)
      System.Data.Odbc (>= 6.0)
      System.Data.OleDb (>= 6.0)
      System.Data.SqlClient (>= 4.8.3)
      System.Diagnostics.EventLog (>= 6.0)
      System.Diagnostics.PerformanceCounter (>= 6.0)
      System.DirectoryServices (>= 6.0)
      System.DirectoryServices.AccountManagement (>= 6.0)
      System.DirectoryServices.Protocols (>= 6.0)
      System.Drawing.Common (>= 6.0)
      System.IO.Packaging (>= 6.0)
      System.IO.Ports (>= 6.0)
      System.Management (>= 6.0)
      System.Reflection.Context (>= 6.0)
      System.Runtime.Caching (>= 6.0)
      System.Security.AccessControl (>= 6.0)
      System.Security.Cryptography.Pkcs (>= 6.0)
      System.Security.Cryptography.ProtectedData (>= 6.0)
      System.Security.Cryptography.Xml (>= 6.0)
      System.Security.Permissions (>= 6.0)
      System.ServiceModel.Duplex (>= 4.9)
      System.ServiceModel.Http (>= 4.9)
      System.ServiceModel.NetTcp (>= 4.9)
      System.ServiceModel.Primitives (>= 4.9)
      System.ServiceModel.Security (>= 4.9)
      System.ServiceModel.Syndication (>= 6.0)
      System.ServiceProcess.ServiceController (>= 6.0)
      System.Speech (>= 6.0)
      System.Text.Encoding.CodePages (>= 6.0)
      System.Threading.AccessControl (>= 6.0)
      System.Web.Services.Description (>= 4.9)
    Microsoft.WSMan.Management (7.2.4)
      Microsoft.WSMan.Runtime (>= 7.2.4)
      System.Management.Automation (>= 7.2.4)
      System.ServiceProcess.ServiceController (>= 6.0)
    Microsoft.WSMan.Runtime (7.2.4)
    Namotion.Reflection (2.0.10)
      Microsoft.CSharp (>= 4.3)
    Newtonsoft.Json (13.0.1)
    NJsonSchema (10.7.1)
      Namotion.Reflection (>= 2.0.10)
      Newtonsoft.Json (>= 9.0.1)
    runtime.linux-arm.runtime.native.System.IO.Ports (6.0)
    runtime.linux-arm64.runtime.native.System.IO.Ports (6.0)
    runtime.linux-x64.runtime.native.System.IO.Ports (6.0)
    runtime.native.System.Data.SqlClient.sni (4.7)
      runtime.win-arm64.runtime.native.System.Data.SqlClient.sni (>= 4.4)
      runtime.win-x64.runtime.native.System.Data.SqlClient.sni (>= 4.4)
      runtime.win-x86.runtime.native.System.Data.SqlClient.sni (>= 4.4)
    runtime.native.System.IO.Ports (6.0)
      runtime.linux-arm.runtime.native.System.IO.Ports (>= 6.0)
      runtime.linux-arm64.runtime.native.System.IO.Ports (>= 6.0)
      runtime.linux-x64.runtime.native.System.IO.Ports (>= 6.0)
      runtime.osx-arm64.runtime.native.System.IO.Ports (>= 6.0)
      runtime.osx-x64.runtime.native.System.IO.Ports (>= 6.0)
    runtime.osx-arm64.runtime.native.System.IO.Ports (6.0)
    runtime.osx-x64.runtime.native.System.IO.Ports (6.0)
    runtime.win-arm64.runtime.native.System.Data.SqlClient.sni (4.4)
    runtime.win-x64.runtime.native.System.Data.SqlClient.sni (4.4)
    runtime.win-x86.runtime.native.System.Data.SqlClient.sni (4.4)
    System.CodeDom (6.0)
    System.Collections.Immutable (6.0)
      System.Runtime.CompilerServices.Unsafe (>= 6.0)
    System.ComponentModel.Composition (6.0)
    System.ComponentModel.Composition.Registration (6.0)
      System.ComponentModel.Composition (>= 6.0)
      System.Reflection.Context (>= 6.0)
    System.Configuration.ConfigurationManager (6.0)
      System.Security.Cryptography.ProtectedData (>= 6.0)
      System.Security.Permissions (>= 6.0)
    System.Data.Odbc (6.0)
      System.Text.Encoding.CodePages (>= 6.0)
    System.Data.OleDb (6.0)
      System.Configuration.ConfigurationManager (>= 6.0)
      System.Diagnostics.PerformanceCounter (>= 6.0)
    System.Data.SqlClient (4.8.3)
      Microsoft.Win32.Registry (>= 4.7)
      runtime.native.System.Data.SqlClient.sni (>= 4.7)
      System.Security.Principal.Windows (>= 4.7)
    System.Diagnostics.DiagnosticSource (6.0)
      System.Runtime.CompilerServices.Unsafe (>= 6.0)
    System.Diagnostics.EventLog (6.0)
    System.Diagnostics.PerformanceCounter (6.0.1)
      System.Configuration.ConfigurationManager (>= 6.0)
    System.DirectoryServices (6.0)
      System.Security.AccessControl (>= 6.0)
      System.Security.Permissions (>= 6.0)
    System.DirectoryServices.AccountManagement (6.0)
      System.Configuration.ConfigurationManager (>= 6.0)
      System.DirectoryServices (>= 6.0)
      System.DirectoryServices.Protocols (>= 6.0)
      System.Security.AccessControl (>= 6.0)
    System.DirectoryServices.Protocols (6.0.1)
    System.Drawing.Common (6.0)
      Microsoft.Win32.SystemEvents (>= 6.0)
    System.Formats.Asn1 (6.0)
    System.IO.Packaging (6.0)
    System.IO.Ports (6.0)
      runtime.native.System.IO.Ports (>= 6.0)
    System.Management (6.0)
      System.CodeDom (>= 6.0)
    System.Management.Automation (7.2.4)
      Microsoft.ApplicationInsights (>= 2.18)
      Microsoft.Management.Infrastructure (>= 2.0)
      Microsoft.PowerShell.CoreCLR.Eventing (>= 7.2.4)
      Microsoft.PowerShell.Native (>= 7.2)
      Microsoft.Win32.Registry.AccessControl (>= 6.0)
      Newtonsoft.Json (>= 13.0.1)
      System.Configuration.ConfigurationManager (>= 6.0)
      System.DirectoryServices (>= 6.0)
      System.Management (>= 6.0)
      System.Runtime.CompilerServices.Unsafe (>= 6.0)
      System.Security.AccessControl (>= 6.0)
      System.Security.Cryptography.Pkcs (>= 6.0.1)
      System.Security.Permissions (>= 6.0)
      System.Text.Encoding.CodePages (>= 6.0)
    System.Memory (4.5.4)
    System.Net.Http.WinHttpHandler (6.0.1)
    System.Numerics.Vectors (4.5)
    System.Private.ServiceModel (4.9)
      Microsoft.Bcl.AsyncInterfaces (>= 5.0)
      Microsoft.Extensions.ObjectPool (>= 5.0.10)
      System.Numerics.Vectors (>= 4.5)
      System.Reflection.DispatchProxy (>= 4.7.1)
      System.Security.Cryptography.Xml (>= 5.0)
      System.Security.Principal.Windows (>= 5.0)
    System.Reflection.Context (6.0)
    System.Reflection.DispatchProxy (4.7.1)
    System.Reflection.Metadata (6.0.1)
      System.Collections.Immutable (>= 6.0)
    System.Runtime.Caching (6.0)
      System.Configuration.ConfigurationManager (>= 6.0)
    System.Runtime.CompilerServices.Unsafe (6.0)
    System.Security.AccessControl (6.0)
    System.Security.Cryptography.Pkcs (6.0.1)
      System.Formats.Asn1 (>= 6.0)
    System.Security.Cryptography.ProtectedData (6.0)
    System.Security.Cryptography.Xml (6.0)
      System.Security.AccessControl (>= 6.0)
      System.Security.Cryptography.Pkcs (>= 6.0)
    System.Security.Permissions (6.0)
      System.Security.AccessControl (>= 6.0)
      System.Windows.Extensions (>= 6.0)
    System.Security.Principal.Windows (5.0)
    System.ServiceModel.Duplex (4.9)
      System.Private.ServiceModel (>= 4.9)
      System.ServiceModel.Primitives (>= 4.9)
    System.ServiceModel.Http (4.9)
      System.Private.ServiceModel (>= 4.9)
      System.ServiceModel.Primitives (>= 4.9)
    System.ServiceModel.NetTcp (4.9)
      System.Private.ServiceModel (>= 4.9)
      System.ServiceModel.Primitives (>= 4.9)
    System.ServiceModel.Primitives (4.9)
      System.Private.ServiceModel (>= 4.9)
    System.ServiceModel.Security (4.9)
      System.Private.ServiceModel (>= 4.9)
      System.ServiceModel.Primitives (>= 4.9)
    System.ServiceModel.Syndication (6.0)
    System.ServiceProcess.ServiceController (6.0)
      System.Diagnostics.EventLog (>= 6.0)
    System.Speech (6.0)
    System.Text.Encoding.CodePages (6.0)
      System.Runtime.CompilerServices.Unsafe (>= 6.0)
    System.Text.Encodings.Web (6.0)
      System.Runtime.CompilerServices.Unsafe (>= 6.0)
    System.Threading.AccessControl (6.0)
      System.Security.AccessControl (>= 6.0)
    System.Threading.Tasks.Extensions (4.5.4)
    System.Web.Services.Description (4.9)
    System.Windows.Extensions (6.0)
      System.Drawing.Common (>= 6.0)

GROUP PSGallery
STORAGE: PACKAGES
NUGET
  remote: https://www.powershellgallery.com/api/v2
    PSReadLine (2.2.5)
